GEM
  remote: https://rubygems.org/
  specs:
    docopt (0.5.0)
    elasticsearch (1.0.10)
      elasticsearch-api (= 1.0.10)
      elasticsearch-transport (= 1.0.10)
    elasticsearch-api (1.0.10)
      multi_json
    elasticsearch-transport (1.0.10)
      faraday
      multi_json
    faraday (0.9.1)
      multipart-post (>= 1.2, < 3)
    multi_json (1.11.0)
    multipart-post (2.0.0)
    sqlite3 (1.3.10)

PLATFORMS
  ruby

DEPENDENCIES
  docopt
  elasticsearch
  sqlite3

BUNDLED WITH
   1.10.6
