GEM
  remote: https://rubygems.org/
  specs:
    docopt (0.5.0)
    elasticsearch (5.0.3)
      elasticsearch-api (= 5.0.3)
      elasticsearch-transport (= 5.0.3)
    elasticsearch-api (5.0.3)
      multi_json
    elasticsearch-transport (5.0.3)
      faraday
      multi_json
    faraday (0.11.0)
      multipart-post (>= 1.2, < 3)
    multi_json (1.12.1)
    multipart-post (2.0.0)
    sqlite3 (1.3.13)

PLATFORMS
  ruby

DEPENDENCIES
  docopt
  elasticsearch
  sqlite3

BUNDLED WITH
   1.14.4
