GEM
  remote: https://rubygems.org/
  specs:
    docopt (0.5.0)
    elasticsearch (1.0.10)
      elasticsearch-api (= 1.0.10)
      elasticsearch-transport (= 1.0.10)
    elasticsearch-api (1.0.10)
      multi_json
    elasticsearch-transport (1.0.10)
      faraday
      multi_json
    faraday (0.9.1)
      multipart-post (>= 1.2, < 3)
    multi_json (1.11.0)
    multipart-post (2.0.0)
    rack (1.6.1)
    rack-protection (1.5.3)
      rack
    sinatra (1.4.6)
      rack (~> 1.4)
      rack-protection (~> 1.4)
      tilt (>= 1.3, < 3)
    sqlite3 (1.3.10)
    tilt (2.0.1)

PLATFORMS
  ruby

DEPENDENCIES
  docopt
  elasticsearch
  sinatra (~> 1.4)
  sqlite3
